GEM
  remote: https://rubygems.org/
  specs:
    codeclimate-test-reporter (1.0.3)
      simplecov
    codeclimate_batch (0.5.0)
      json
    daemons (1.2.4)
    dalli (2.7.6)
    docile (1.1.5)
    eventmachine (1.2.1)
    json (2.0.2)
    multi_json (1.12.1)
    rack (1.6.5)
    rack-protection (1.5.3)
      rack
    rake (11.3.0)
    rollbar (2.13.3)
      multi_json
    simplecov (0.12.0)
      docile (~> 1.1.0)
      json (>= 1.8, < 3)
      simplecov-html (~> 0.10.0)
    simplecov-html (0.10.0)
    sinatra (1.4.7)
      rack (~> 1.5)
      rack-protection (~> 1.4)
      tilt (>= 1.3, < 3)
    thin (1.7.0)
      daemons (~> 1.0, >= 1.0.9)
      eventmachine (~> 1.0, >= 1.0.4)
      rack (>= 1, < 3)
    tilt (2.0.5)

PLATFORMS
  ruby

DEPENDENCIES
  codeclimate-test-reporter
  codeclimate_batch
  dalli
  rake
  rollbar
  sinatra
  thin

BUNDLED WITH
   1.12.5
